GEM
  remote: https://rubygems.org/
  specs:
    chess (0.0.0)
      colorize (~> 0.7.3)
    colorize (0.7.3)
    dalli (2.7.2)
    rack (1.5.2)
    rack-protection (1.5.3)
      rack
    sinatra (1.4.5)
      rack (~> 1.4)
      rack-protection (~> 1.4)
      tilt (~> 1.3, >= 1.3.4)
    tilt (1.4.1)

PLATFORMS
  ruby

DEPENDENCIES
  chess
  dalli
  sinatra
