GIT
  remote: git://github.com/Hawkeye000/command-line-chess.git
  revision: f9d4aab8a73471fa767af344cc17e3d1ce57b55e
  branch: making-chess-a-gem
  specs:
    chess (0.0.1)
      colorize (~> 0.7.3)
      engtagger

GEM
  remote: https://rubygems.org/
  specs:
    colorize (0.7.3)
    dalli (2.7.2)
    engtagger (0.2.0)
    rack (1.5.2)
    rack-protection (1.5.3)
      rack
    shotgun (0.9)
      rack (>= 1.0)
    sinatra (1.4.5)
      rack (~> 1.4)
      rack-protection (~> 1.4)
      tilt (~> 1.3, >= 1.3.4)
    tilt (1.4.1)

PLATFORMS
  ruby

DEPENDENCIES
  chess!
  dalli
  shotgun
  sinatra
